GEM
  remote: https://rubygems.org/
  specs:
    colorize (0.8.1)
    dbd-mysql (0.4.4)
      dbi (>= 0.4.0)
      mysql
    dbi (0.4.5)
      deprecated (= 2.0.1)
    deprecated (2.0.1)
    mini_portile2 (2.1.0)
    mysql (2.9.1)
    nmap-parser (0.3.5)
    nokogiri (1.6.8.1)
      mini_portile2 (~> 2.1.0)
    rake (11.3.0)
    sqlite3 (1.3.12)
    writeexcel (1.0.5)

PLATFORMS
  ruby

DEPENDENCIES
  colorize
  dbd-mysql
  dbi
  nmap-parser
  nokogiri
  rake
  sqlite3
  writeexcel

BUNDLED WITH
   1.13.6
