GEM
  remote: https://rubygems.org/
  specs:
    colorize (0.8.1)
    dbd-mysql (0.4.4)
      dbi (>= 0.4.0)
      mysql
    dbi (0.4.5)
      deprecated (= 2.0.1)
    deprecated (2.0.1)
    mini_portile2 (2.6.1)
    mysql (2.9.1)
    nmap-parser (0.3.5)
    nokogiri (1.12.5)
      mini_portile2 (~> 2.6.1)
      racc (~> 1.4)
    pdfkit (0.8.2)
    racc (1.5.2)
    rake (12.3.3)
    sqlite3 (1.3.11)
    writeexcel (1.0.5)

PLATFORMS
  ruby

DEPENDENCIES
  colorize
  dbd-mysql
  dbi
  nmap-parser
  nokogiri (>= 1.10.4)
  pdfkit
  rake
  sqlite3
  writeexcel

BUNDLED WITH
   1.13.6
