GEM
  remote: https://rubygems.org/
  specs:
    colorize (0.7.7)
    dbi (0.4.5)
      deprecated (= 2.0.1)
    deprecated (2.0.1)
    nmap-parser (0.3.5)
    sqlite3 (1.3.11)
    writeexcel (1.0.5)

PLATFORMS
  ruby

DEPENDENCIES
  colorize
  dbi
  nmap-parser
  sqlite3
  writeexcel

BUNDLED WITH
   1.12.5
