GEM
  remote: https://rubygems.org/
  specs:
    colorize (0.7.7)
    dbd-mysql (0.4.4)
      dbi (>= 0.4.0)
      mysql
    dbi (0.4.5)
      deprecated (= 2.0.1)
    deprecated (2.0.1)
    mysql (2.9.1)
    nmap-parser (0.3.5)
    rake (11.3.0)
    sqlite3 (1.3.11)
    writeexcel (1.0.5)

PLATFORMS
  ruby

DEPENDENCIES
  colorize
  dbd-mysql
  dbi
  nmap-parser
  rake
  sqlite3
  writeexcel

BUNDLED WITH
   1.12.5
